GEM
  remote: https://rubygems.org/
  specs:
    addressable (2.5.2)
      public_suffix (>= 2.0.2, < 4.0)
    capybara (3.0.3)
      addressable
      mini_mime (>= 0.1.3)
      nokogiri (~> 1.8)
      rack (>= 1.6.0)
      rack-test (>= 0.6.3)
      xpath (~> 3.0)
    mail (2.7.1)
      mini_mime (>= 0.1.1)
    mini_mime (1.0.0)
    mini_portile2 (2.3.0)
    minitest (5.11.3)
    minitest-hooks (1.4.2)
    nokogiri (1.8.2)
      mini_portile2 (~> 2.3.0)
    pg (1.0.0)
    public_suffix (3.0.2)
    rack (2.0.5)
    rack-test (1.0.0)
      rack (>= 1.0, < 3)
    rack-unreloader (1.6.0)
    rack_csrf (2.6.0)
      rack (>= 1.1.0)
    rake (12.3.1)
    roda (3.7.0)
      rack
    sequel (5.8.0)
    sequel_pg (1.8.1)
      pg (>= 0.18.0)
      sequel (>= 4.34.0)
    xpath (3.0.0)
      nokogiri (~> 1.8)

PLATFORMS
  ruby

DEPENDENCIES
  capybara
  mail
  minitest (>= 5.7.0)
  minitest-hooks (>= 1.1.0)
  rack-unreloader
  rack_csrf
  rake
  roda (>= 3)
  sequel (>= 5)
  sequel_pg

BUNDLED WITH
   1.16.0
